PATH
  remote: .
  specs:
    mango (0.7.1)
      bluecloth (~> 2.2, >= 2.2.0)
      bundler (~> 1.3, >= 1.3.5)
      coffee-script (~> 2.2, >= 2.2.0)
      foreman (~> 0.63, >= 0.63.0)
      haml (~> 4.0, >= 4.0.4)
      liquid (~> 2.6, >= 2.6.0)
      puma (~> 2.7, >= 2.7.1)
      sass (~> 3.2, >= 3.2.13)
      sinatra (~> 1.4, >= 1.4.4)
      thor (~> 0.18, >= 0.18.1)

GEM
  remote: http://rubygems.org/
  specs:
    bluecloth (2.2.0)
    coffee-script (2.2.0)
      coffee-script-source
      execjs
    coffee-script-source (1.6.3)
    diff-lcs (1.2.5)
    dotenv (0.9.0)
    execjs (2.0.2)
    foreman (0.63.0)
      dotenv (>= 0.7)
      thor (>= 0.13.6)
    haml (4.0.4)
      tilt
    liquid (2.6.0)
    puma (2.7.1)
      rack (>= 1.1, < 2.0)
    rack (1.5.2)
    rack-protection (1.5.1)
      rack
    rack-test (0.6.2)
      rack (>= 1.0)
    rspec (2.14.1)
      rspec-core (~> 2.14.0)
      rspec-expectations (~> 2.14.0)
      rspec-mocks (~> 2.14.0)
    rspec-core (2.14.7)
    rspec-expectations (2.14.4)
      diff-lcs (>= 1.1.3, < 2.0)
    rspec-mocks (2.14.4)
    sass (3.2.13)
    sinatra (1.4.4)
      rack (~> 1.4)
      rack-protection (~> 1.4)
      tilt (~> 1.3, >= 1.3.4)
    thor (0.18.1)
    tilt (1.4.1)
    yard (0.8.7.3)

PLATFORMS
  ruby

DEPENDENCIES
  mango!
  rack-test (~> 0.6, >= 0.6.2)
  rspec (~> 2.14, >= 2.14.1)
  yard (~> 0.8, >= 0.8.7.3)
