PATH
  remote: .
  specs:
    mango (0.6.3)
      bluecloth (~> 2.1.0)
      bundler (~> 1.3.5)
      coffee-script (~> 2.2.0)
      haml (~> 3.1.1)
      liquid (~> 2.2.2)
      rack (~> 1.2.3)
      sass (~> 3.1.1)
      sinatra (~> 1.2.6)
      thor (~> 0.14.6)

GEM
  remote: http://rubygems.org/
  specs:
    bluecloth (2.1.0)
    coffee-script (2.2.0)
      coffee-script-source
      execjs
    coffee-script-source (1.1.1)
    diff-lcs (1.1.2)
    execjs (1.0.0)
      multi_json (~> 1.0)
    haml (3.1.1)
    liquid (2.2.2)
    multi_json (1.0.3)
    rack (1.2.3)
    rack-test (0.6.0)
      rack (>= 1.0)
    rspec (2.6.0)
      rspec-core (~> 2.6.0)
      rspec-expectations (~> 2.6.0)
      rspec-mocks (~> 2.6.0)
    rspec-core (2.6.3)
    rspec-expectations (2.6.0)
      diff-lcs (~> 1.1.2)
    rspec-mocks (2.6.0)
    sass (3.1.1)
    sinatra (1.2.6)
      rack (~> 1.1)
      tilt (>= 1.2.2, < 2.0)
    thor (0.14.6)
    tilt (1.3.2)
    yard (0.7.1)

PLATFORMS
  ruby

DEPENDENCIES
  bluecloth (~> 2.1.0)
  mango!
  rack-test (~> 0.6.0)
  rspec (~> 2.6.0)
  yard (~> 0.7.1)
